PATH
  remote: .
  specs:
    heroku_s3_backups (0.1.1)
      s3 (~> 0.3)

GEM
  remote: https://rubygems.org/
  specs:
    addressable (2.5.2)
      public_suffix (>= 2.0.2, < 4.0)
    diff-lcs (1.3)
    proxies (0.2.3)
    public_suffix (3.0.2)
    rake (10.5.0)
    rspec (3.7.0)
      rspec-core (~> 3.7.0)
      rspec-expectations (~> 3.7.0)
      rspec-mocks (~> 3.7.0)
    rspec-core (3.7.1)
      rspec-support (~> 3.7.0)
    rspec-expectations (3.7.0)
      diff-lcs (>= 1.2.0, < 2.0)
      rspec-support (~> 3.7.0)
    rspec-mocks (3.7.0)
      diff-lcs (>= 1.2.0, < 2.0)
      rspec-support (~> 3.7.0)
    rspec-support (3.7.1)
    s3 (0.3.26)
      addressable
      proxies

PLATFORMS
  ruby

DEPENDENCIES
  bundler (~> 1.16)
  heroku_s3_backups!
  rake (~> 10.0)
  rspec (~> 3.0)

BUNDLED WITH
   1.16.1
